GEM
  remote: https://ruby.taobao.org/
  specs:
    appium_lib (8.0.2)
      awesome_print (~> 1.6)
      json (~> 1.8)
      nokogiri (~> 1.6.6)
      selenium-webdriver (~> 2.49)
      tomlrb (~> 1.1)
    awesome_print (1.6.1)
    builder (3.2.2)
    childprocess (0.5.9)
      ffi (~> 1.0, >= 1.0.11)
    cucumber (2.4.0)
      builder (>= 2.1.2)
      cucumber-core (~> 1.5.0)
      cucumber-wire (~> 0.0.1)
      diff-lcs (>= 1.1.3)
      gherkin (~> 4.0)
      multi_json (>= 1.7.5, < 2.0)
      multi_test (>= 0.1.2)
    cucumber-core (1.5.0)
      gherkin (~> 4.0)
    cucumber-wire (0.0.1)
    diff-lcs (1.2.5)
    domain_name (0.5.20161021)
      unf (>= 0.0.5, < 1.0.0)
    ffi (1.9.14)
    gherkin (4.0.0)
    http-cookie (1.0.3)
      domain_name (~> 0.5)
    json (1.8.3)
    mime-types (3.1)
      mime-types-data (~> 3.2015)
    mime-types-data (3.2016.0521)
    mini_portile2 (2.1.0)
    multi_json (1.12.1)
    multi_test (0.1.2)
    netrc (0.11.0)
    nokogiri (1.6.8.1)
      mini_portile2 (~> 2.1.0)
    parallel (1.9.0)
    parallel_tests (2.10.0)
      parallel
    power_assert (0.2.6)
    rest-client (2.0.0)
      http-cookie (>= 1.0.2, < 2.0)
      mime-types (>= 1.16, < 4.0)
      netrc (~> 0.8)
    rspec (3.5.0)
      rspec-core (~> 3.5.0)
      rspec-expectations (~> 3.5.0)
      rspec-mocks (~> 3.5.0)
    rspec-core (3.5.4)
      rspec-support (~> 3.5.0)
    rspec-expectations (3.5.0)
      diff-lcs (>= 1.2.0, < 2.0)
      rspec-support (~> 3.5.0)
    rspec-mocks (3.5.0)
      diff-lcs (>= 1.2.0, < 2.0)
      rspec-support (~> 3.5.0)
    rspec-support (3.5.0)
    rubyzip (1.2.0)
    selenium-webdriver (2.53.4)
      childprocess (~> 0.5)
      rubyzip (~> 1.0)
      websocket (~> 1.0)
    test-unit (3.1.5)
      power_assert
    tomlrb (1.2.3)
    unf (0.1.4)
      unf_ext
    unf_ext (0.0.7.2)
    websocket (1.2.3)

PLATFORMS
  ruby

DEPENDENCIES
  appium_lib (= 8.0.2)
  awesome_print (~> 1.6.0)
  cucumber
  parallel
  parallel_tests
  rest-client
  rspec
  rspec-expectations
  selenium-webdriver
  test-unit

BUNDLED WITH
   1.13.1
